PATH
  remote: .
  specs:
    eprun (1.1.0)

GEM
  remote: http://rubygems.org/
  specs:
    activesupport (3.2.14)
      i18n (~> 0.6, >= 0.6.4)
      multi_json (~> 1.0)
    coderay (1.1.0)
    diff-lcs (1.2.5)
    ffi (1.9.3-java)
    i18n (0.6.5)
    method_source (0.8.2)
    multi_json (1.8.2)
    pry (0.9.12.4)
      coderay (~> 1.0)
      method_source (~> 0.8)
      slop (~> 3.4)
    pry (0.9.12.4-java)
      coderay (~> 1.0)
      method_source (~> 0.8)
      slop (~> 3.4)
      spoon (~> 0.0)
    pry-nav (0.2.3)
      pry (~> 0.9.10)
    rake (0.9.2.2)
    rr (1.0.4)
    rspec (2.14.1)
      rspec-core (~> 2.14.0)
      rspec-expectations (~> 2.14.0)
      rspec-mocks (~> 2.14.0)
    rspec-core (2.14.7)
    rspec-expectations (2.14.4)
      diff-lcs (>= 1.1.3, < 2.0)
    rspec-mocks (2.14.4)
    slop (3.4.7)
    spoon (0.0.4)
      ffi
    unf (0.1.3)
      unf_ext
    unf_ext (0.0.6)
    unicode (0.4.4)

PLATFORMS
  java
  ruby

DEPENDENCIES
  activesupport
  eprun!
  pry-nav
  rake
  rr
  rspec
  unf
  unicode
