PATH
  remote: .
  specs:
    eprun (1.1.0)

GEM
  specs:
    coderay (1.1.0)
    method_source (0.8.2)
    pry (0.9.12.4)
      coderay (~> 1.0)
      method_source (~> 0.8)
      slop (~> 3.4)
    pry-nav (0.2.3)
      pry (~> 0.9.10)
    rake (0.9.2.2)
    slop (3.4.7)

PLATFORMS
  ruby

DEPENDENCIES
  eprun!
  pry-nav
  rake
